{
  "PowerLineFrequency": 60,
  "SoftwareFilters": {
    "FilterDescription": {
      "Description": "1-40 Hz FIR filter"
    }
  },
  "HardwareFilters": {
    "FilterDescription": {
      "Description": "Built-in analog filters: 0.16-43 Hz bandpass"
    }
  },
  "SoftwareVersions": "EMOTIV PRO / Builder",
  "ManufacturersModelName": "EPOC X",
  "Manufacturer": "EMOTIV",
  "EEGPlacementScheme": "10-20 (modified; 10-10 subset positions: AF3, F7, F3, FC5, T7, P7, O1, O2, P8, T8, FC6, F4, F8, AF4)",
  "EEGGround": "CMS/DRL",
  "EEGReference": "CMS/DRL reference (Common Mode Sense/Driven Right Leg; active reference configuration). ",
  "CapManufacturersModelName": "EPOC X",
  "CapManufacturer": "EMOTIV",
  "InstitutionAddress": "Quito, Ecuador",
  "InstitutionalDepartmentName": "CADE / Marketing",
  "InstitutionName": "Universidad San Francisco de Quito USFQ",
  "CogPOID": "visual stimulus; auditory stimulus",
  "CogAtlasID": "attention; emotion processing",
  "TaskName": "extremeversustraditionalvideos",
  "EEGChannelCount": 14,
  "RecordingType": "epoched",
  "EpochLength": 30.00390625,
  "RecordingDuration": 180.0234375,
  "SamplingFrequency": 256
}